PATH
  remote: ../../..
  specs:
    line-bot-api (0.0.1.pre.test)
      multipart-post (~> 2.4.1)

GEM
  remote: https://rubygems.org/
  specs:
    multipart-post (2.4.1)

PLATFORMS
  arm64-darwin-21
  arm64-darwin-22

DEPENDENCIES
  line-bot-api!

BUNDLED WITH
   2.4.10
