PATH
  remote: ../..
  specs:
    line-bot-api (2.0.0)
      typhoeus (~> 1.0, >= 1.0.1)

GEM
  remote: https://rubygems.org/
  specs:
    ethon (0.16.0)
      ffi (>= 1.15.0)
    ffi (1.16.3)
    typhoeus (1.4.0)
      ethon (>= 0.9.0)

PLATFORMS
  arm64-darwin-22

DEPENDENCIES
  line-bot-api!

BUNDLED WITH
   2.4.17
